GEM
  remote: https://rubygems.org/
  specs:
    addressable (2.8.7)
      public_suffix (>= 2.0.2, < 7.0)
    amazing_print (1.8.1)
    ast (2.4.3)
    base64 (0.3.0)
    benchmark (0.4.1)
    better_errors (2.10.1)
      erubi (>= 1.0.0)
      rack (>= 0.9.0)
      rouge (>= 1.0.0)
    bigdecimal (3.2.2)
    binding_of_caller (1.0.1)
      debug_inspector (>= 1.2.0)
    caliber (0.81.0)
      rubocop (~> 1.76)
      rubocop-capybara (~> 2.22)
      rubocop-disable_syntax (~> 0.2)
      rubocop-packaging (~> 0.6)
      rubocop-performance (~> 1.25)
      rubocop-rake (~> 0.7)
      rubocop-rspec (~> 3.6)
      rubocop-thread_safety (~> 0.7)
    capybara (3.40.0)
      addressable
      matrix
      mini_mime (>= 0.1.3)
      nokogiri (~> 1.11)
      rack (>= 1.6.0)
      rack-test (>= 0.6.3)
      regexp_parser (>= 1.5, < 3.0)
      xpath (~> 3.2)
    capybara-validate_html5 (2.1.0)
      capybara
      rack-test (>= 0.6)
    childprocess (5.1.0)
      logger (~> 1.5)
    cogger (1.2.2)
      core (~> 2.0)
      logger (~> 1.7)
      refinements (~> 13.0)
      tone (~> 2.0)
      zeitwerk (~> 2.7)
    concurrent-ruby (1.3.5)
    containable (1.2.0)
      concurrent-ruby (~> 1.3)
    core (2.2.0)
    crass (1.0.6)
    cuprite (0.17)
      capybara (~> 3.0)
      ferrum (~> 0.17.0)
    database_cleaner-core (2.0.1)
    database_cleaner-sequel (2.0.2)
      database_cleaner-core (~> 2.0.0)
      sequel
    date (3.4.1)
    debug (1.10.0)
      irb (~> 1.10)
      reline (>= 0.3.8)
    debug_inspector (1.2.0)
    diff-lcs (1.6.2)
    docile (1.4.1)
    domain_name (0.6.20240107)
    dotenv (3.1.8)
    dry-auto_inject (1.1.0)
      dry-core (~> 1.1)
      zeitwerk (~> 2.6)
    dry-cli (1.2.0)
    dry-configurable (1.3.0)
      dry-core (~> 1.1)
      zeitwerk (~> 2.6)
    dry-core (1.1.0)
      concurrent-ruby (~> 1.0)
      logger
      zeitwerk (~> 2.6)
    dry-events (1.1.0)
      concurrent-ruby (~> 1.0)
      dry-core (~> 1.1)
    dry-files (1.1.0)
    dry-inflector (1.2.0)
    dry-initializer (3.2.0)
    dry-logger (1.1.0)
    dry-logic (1.6.0)
      bigdecimal
      concurrent-ruby (~> 1.0)
      dry-core (~> 1.1)
      zeitwerk (~> 2.6)
    dry-monads (1.8.3)
      concurrent-ruby (~> 1.0)
      dry-core (~> 1.1)
      zeitwerk (~> 2.6)
    dry-monitor (1.0.1)
      dry-configurable (~> 1.0, < 2)
      dry-core (~> 1.0, < 2)
      dry-events (~> 1.0, < 2)
    dry-schema (1.14.1)
      concurrent-ruby (~> 1.0)
      dry-configurable (~> 1.0, >= 1.0.1)
      dry-core (~> 1.1)
      dry-initializer (~> 3.2)
      dry-logic (~> 1.5)
      dry-types (~> 1.8)
      zeitwerk (~> 2.6)
    dry-struct (1.8.0)
      dry-core (~> 1.1)
      dry-types (~> 1.8, >= 1.8.2)
      ice_nine (~> 0.11)
      zeitwerk (~> 2.6)
    dry-system (1.2.2)
      dry-auto_inject (~> 1.1)
      dry-configurable (~> 1.3)
      dry-core (~> 1.1)
      dry-inflector (~> 1.1)
    dry-transformer (1.0.1)
      zeitwerk (~> 2.6)
    dry-types (1.8.2)
      bigdecimal (~> 3.0)
      concurrent-ruby (~> 1.0)
      dry-core (~> 1.0)
      dry-inflector (~> 1.0)
      dry-logic (~> 1.4)
      zeitwerk (~> 2.6)
    dry-validation (1.11.1)
      concurrent-ruby (~> 1.0)
      dry-core (~> 1.1)
      dry-initializer (~> 3.2)
      dry-schema (~> 1.14)
      zeitwerk (~> 2.6)
    erb (5.0.1)
    erubi (1.13.1)
    etcher (3.2.1)
      cogger (~> 1.0)
      core (~> 2.0)
      dry-monads (~> 1.8)
      dry-types (~> 1.7)
      refinements (~> 13.0)
      versionaire (~> 14.0)
      zeitwerk (~> 2.7)
    faker (3.5.1)
      i18n (>= 1.8.11, < 2)
    ferrum (0.17.1)
      addressable (~> 2.5)
      base64 (~> 0.2)
      concurrent-ruby (~> 1.1)
      webrick (~> 1.7)
      websocket-driver (~> 0.7)
    ffi (1.17.2-aarch64-linux-gnu)
    ffi (1.17.2-aarch64-linux-musl)
    ffi (1.17.2-arm-linux-gnu)
    ffi (1.17.2-arm-linux-musl)
    ffi (1.17.2-arm64-darwin)
    ffi (1.17.2-x86_64-darwin)
    ffi (1.17.2-x86_64-linux-gnu)
    ffi (1.17.2-x86_64-linux-musl)
    ffi-compiler (1.3.2)
      ffi (>= 1.15.5)
      rake
    git-lint (9.3.1)
      cogger (~> 1.0)
      containable (~> 1.1)
      core (~> 2.0)
      dry-monads (~> 1.8)
      dry-schema (~> 1.13)
      etcher (~> 3.0)
      gitt (~> 4.1)
      infusible (~> 4.0)
      refinements (~> 13.0)
      runcom (~> 12.0)
      sod (~> 1.0)
      spek (~> 4.0)
      tone (~> 2.0)
      zeitwerk (~> 2.7)
    gitt (4.3.1)
      core (~> 2.0)
      dry-monads (~> 1.8)
      refinements (~> 13.0)
      zeitwerk (~> 2.7)
    hanami (2.2.1)
      bundler (>= 1.16, < 3)
      dry-configurable (~> 1.0, >= 1.2.0, < 2)
      dry-core (~> 1.0, < 2)
      dry-inflector (~> 1.0, >= 1.1.0, < 2)
      dry-logger (~> 1.0, < 2)
      dry-monitor (~> 1.0, >= 1.0.1, < 2)
      dry-system (~> 1.1)
      hanami-cli (~> 2.2.1)
      hanami-utils (~> 2.2)
      json (>= 2.7.2)
      zeitwerk (~> 2.6)
    hanami-assets (2.2.0)
      zeitwerk (~> 2.6)
    hanami-cli (2.2.1)
      bundler (~> 2.1)
      dry-cli (~> 1.0, >= 1.1.0)
      dry-files (~> 1.0, >= 1.0.2, < 2)
      dry-inflector (~> 1.0, < 2)
      rake (~> 13.0)
      zeitwerk (~> 2.6)
    hanami-controller (2.2.0)
      dry-configurable (~> 1.0, < 2)
      dry-core (~> 1.0)
      hanami-utils (~> 2.2)
      rack (~> 2.0)
      zeitwerk (~> 2.6)
    hanami-db (2.2.1)
      rom (~> 5.4, >= 5.4.1)
      rom-sql (~> 3.7)
      zeitwerk (~> 2.6)
    hanami-router (2.2.0)
      mustermann (~> 3.0)
      mustermann-contrib (~> 3.0)
      rack (~> 2.0)
    hanami-utils (2.2.0)
      concurrent-ruby (~> 1.0)
      dry-core (~> 1.0, < 2)
      dry-transformer (~> 1.0, < 2)
    hanami-validations (2.2.0)
      dry-validation (>= 1.10, < 2)
    hanami-view (2.2.1)
      dry-configurable (~> 1.0)
      dry-core (~> 1.0)
      dry-inflector (~> 1.0, < 2)
      temple (~> 0.10.0, >= 0.10.2)
      tilt (~> 2.3)
      zeitwerk (~> 2.6)
    hanami-webconsole (2.2.0)
      better_errors (~> 2.10, >= 2.10.1)
      binding_of_caller (~> 1.0)
    hansi (0.2.1)
    htmx (2.2.1)
      refinements (~> 13.0)
      zeitwerk (~> 2.7)
    http (5.2.0)
      addressable (~> 2.8)
      base64 (~> 0.1)
      http-cookie (~> 1.0)
      http-form_data (~> 2.2)
      llhttp-ffi (~> 0.5.0)
    http-cookie (1.0.8)
      domain_name (~> 0.5)
    http-fake (4.2.1)
      http (~> 5.2)
      mustermann (~> 3.0)
      refinements (~> 13.0)
      zeitwerk (~> 2.7)
    http-form_data (2.3.0)
    i18n (1.14.7)
      concurrent-ruby (~> 1.0)
    ice_nine (0.11.2)
    infusible (4.3.0)
      marameters (~> 4.1)
    initable (0.4.0)
      marameters (~> 4.1)
    inspectable (0.3.0)
    io-console (0.8.0)
    irb (1.15.2)
      pp (>= 0.6.0)
      rdoc (>= 4.0.0)
      reline (>= 0.4.2)
    irb-kit (1.2.1)
      irb (~> 1.15)
      zeitwerk (~> 2.7)
    json (2.12.2)
    language_server-protocol (3.17.0.5)
    launchy (3.1.1)
      addressable (~> 2.8)
      childprocess (~> 5.0)
      logger (~> 1.6)
    lint_roller (1.1.0)
    listen (3.9.0)
      rb-fsevent (~> 0.10, >= 0.10.3)
      rb-inotify (~> 0.9, >= 0.9.10)
    llhttp-ffi (0.5.1)
      ffi-compiler (~> 1.0)
      rake (~> 13.0)
    localhost (1.5.0)
    logger (1.7.0)
    marameters (4.3.1)
      refinements (~> 13.0)
      zeitwerk (~> 2.7)
    matrix (0.4.2)
    mini_magick (5.2.0)
      benchmark
      logger
    mini_mime (1.1.5)
    mustermann (3.0.3)
      ruby2_keywords (~> 0.0.1)
    mustermann-contrib (3.0.3)
      hansi (~> 0.2.0)
      mustermann (= 3.0.3)
    nio4r (2.7.4)
    nokogiri (1.18.8-aarch64-linux-gnu)
      racc (~> 1.4)
    nokogiri (1.18.8-aarch64-linux-musl)
      racc (~> 1.4)
    nokogiri (1.18.8-arm-linux-gnu)
      racc (~> 1.4)
    nokogiri (1.18.8-arm-linux-musl)
      racc (~> 1.4)
    nokogiri (1.18.8-arm64-darwin)
      racc (~> 1.4)
    nokogiri (1.18.8-x86_64-darwin)
      racc (~> 1.4)
    nokogiri (1.18.8-x86_64-linux-gnu)
      racc (~> 1.4)
    nokogiri (1.18.8-x86_64-linux-musl)
      racc (~> 1.4)
    optparse (0.6.0)
    overmind (2.5.1)
    overmind (2.5.1-aarch64-linux)
    overmind (2.5.1-arm-linux)
    overmind (2.5.1-arm64-darwin)
    overmind (2.5.1-x86_64-darwin)
    parallel (1.27.0)
    parser (3.3.8.0)
      ast (~> 2.4.1)
      racc
    petail (0.3.0)
      rack (>= 2.2, < 4.0)
      rexml (~> 3.4)
    pg (1.5.9)
    pipeable (1.3.1)
      containable (~> 1.1)
      dry-monads (~> 1.8)
      marameters (~> 4.1)
      refinements (~> 13.0)
      zeitwerk (~> 2.7)
    pp (0.6.2)
      prettyprint
    prettyprint (0.2.0)
    prism (1.4.0)
    psych (5.2.6)
      date
      stringio
    public_suffix (6.0.2)
    puma (6.6.0)
      nio4r (~> 2.0)
    racc (1.8.1)
    rack (2.2.17)
    rack-attack (6.7.0)
      rack (>= 1.0, < 4)
    rack-test (2.2.0)
      rack (>= 1.3)
    rainbow (3.1.1)
    rake (13.3.0)
    rb-fsevent (0.11.2)
    rb-inotify (0.11.1)
      ffi (~> 1.0)
    rbs (3.9.4)
      logger
    rdoc (6.14.0)
      erb
      psych (>= 4.0.0)
    reek (6.5.0)
      dry-schema (~> 1.13)
      logger (~> 1.6)
      parser (~> 3.3.0)
      rainbow (>= 2.0, < 4.0)
      rexml (~> 3.1)
    refinements (13.2.0)
    regexp_parser (2.10.0)
    reline (0.6.1)
      io-console (~> 0.5)
    repl_type_completor (0.1.11)
      prism (~> 1.0)
      rbs (>= 2.7.0, < 4.0.0)
    rerun (0.14.0)
      listen (~> 3.0)
    rexml (3.4.1)
    rom (5.4.2)
      rom-changeset (~> 5.4)
      rom-core (~> 5.4)
      rom-repository (~> 5.4, >= 5.4.2)
    rom-changeset (5.4.0)
      dry-core (~> 1.0)
      rom-core (~> 5.4)
      transproc (~> 1.1)
    rom-core (5.4.0)
      concurrent-ruby (~> 1.1)
      dry-configurable (~> 1.0)
      dry-core (~> 1.0)
      dry-inflector (~> 1.0)
      dry-initializer (~> 3.2)
      dry-struct (~> 1.0)
      dry-types (~> 1.6)
      transproc (~> 1.1)
    rom-factory (0.13.0)
      dry-configurable (~> 1.3)
      dry-core (~> 1.1)
      dry-struct (~> 1.7)
      faker (>= 2.0, < 4)
      rom-core (~> 5.4)
    rom-repository (5.4.2)
      dry-core (~> 1.0)
      dry-initializer (~> 3.2)
      rom-core (~> 5.4)
    rom-sql (3.7.0)
      dry-core (~> 1.1)
      dry-types (~> 1.8)
      rom (~> 5.4)
      sequel (>= 4.49)
    rouge (4.5.2)
    rspec (3.13.1)
      rspec-core (~> 3.13.0)
      rspec-expectations (~> 3.13.0)
      rspec-mocks (~> 3.13.0)
    rspec-core (3.13.4)
      rspec-support (~> 3.13.0)
    rspec-expectations (3.13.5)
      diff-lcs (>= 1.2.0, < 2.0)
      rspec-support (~> 3.13.0)
    rspec-mocks (3.13.5)
      diff-lcs (>= 1.2.0, < 2.0)
      rspec-support (~> 3.13.0)
    rspec-support (3.13.4)
    rubocop (1.76.0)
      json (~> 2.3)
      language_server-protocol (~> 3.17.0.2)
      lint_roller (~> 1.1.0)
      parallel (~> 1.10)
      parser (>= 3.3.0.2)
      rainbow (>= 2.2.2, < 4.0)
      regexp_parser (>= 2.9.3, < 3.0)
      rubocop-ast (>= 1.45.0, < 2.0)
      ruby-progressbar (~> 1.7)
      unicode-display_width (>= 2.4.0, < 4.0)
    rubocop-ast (1.45.0)
      parser (>= 3.3.7.2)
      prism (~> 1.4)
    rubocop-capybara (2.22.1)
      lint_roller (~> 1.1)
      rubocop (~> 1.72, >= 1.72.1)
    rubocop-disable_syntax (0.2.0)
      lint_roller
      rubocop (>= 1.72.0)
    rubocop-packaging (0.6.0)
      lint_roller (~> 1.1.0)
      rubocop (>= 1.72.1, < 2.0)
    rubocop-performance (1.25.0)
      lint_roller (~> 1.1)
      rubocop (>= 1.75.0, < 2.0)
      rubocop-ast (>= 1.38.0, < 2.0)
    rubocop-rake (0.7.1)
      lint_roller (~> 1.1)
      rubocop (>= 1.72.1)
    rubocop-rspec (3.6.0)
      lint_roller (~> 1.1)
      rubocop (~> 1.72, >= 1.72.1)
    rubocop-sequel (0.4.1)
      lint_roller (~> 1.1)
      rubocop (>= 1.72.1, < 2)
    rubocop-thread_safety (0.7.2)
      lint_roller (~> 1.1)
      rubocop (~> 1.72, >= 1.72.1)
    ruby-progressbar (1.13.0)
    ruby2_keywords (0.0.5)
    runcom (12.2.1)
      refinements (~> 13.0)
      xdg (~> 9.0)
      zeitwerk (~> 2.7)
    sanitize (7.0.0)
      crass (~> 1.0.2)
      nokogiri (>= 1.16.8)
    sequel (5.93.0)
      bigdecimal
    simplecov (0.22.0)
      docile (~> 1.1)
      simplecov-html (~> 0.11)
      simplecov_json_formatter (~> 0.1)
    simplecov-html (0.13.1)
    simplecov_json_formatter (0.1.4)
    sod (1.2.1)
      cogger (~> 1.0)
      containable (~> 1.1)
      infusible (~> 4.0)
      optparse (~> 0.6)
      refinements (~> 13.0)
      tone (~> 2.0)
      zeitwerk (~> 2.7)
    spek (4.2.1)
      core (~> 2.0)
      dry-monads (~> 1.8)
      refinements (~> 13.0)
      versionaire (~> 14.0)
      zeitwerk (~> 2.7)
    stringio (3.1.7)
    temple (0.10.3)
    tilt (2.6.0)
    tone (2.3.1)
      refinements (~> 13.0)
      zeitwerk (~> 2.7)
    transproc (1.1.1)
    trmnl-api (0.2.0)
      cogger (~> 1.2)
      containable (~> 1.2)
      dry-monads (~> 1.8)
      dry-schema (~> 1.14)
      http (~> 5.2)
      infusible (~> 4.3)
      inspectable (~> 0.3)
      pipeable (~> 1.3)
      zeitwerk (~> 2.7)
    unicode-display_width (3.1.4)
      unicode-emoji (~> 4.0, >= 4.0.4)
    unicode-emoji (4.0.4)
    versionaire (14.2.0)
      refinements (~> 13.0)
    webrick (1.9.1)
    websocket-driver (0.8.0)
      base64
      websocket-extensions (>= 0.1.0)
    websocket-extensions (0.1.5)
    xdg (9.2.0)
    xpath (3.2.0)
      nokogiri (~> 1.8)
    zeitwerk (2.7.3)

PLATFORMS
  aarch64-linux
  aarch64-linux-gnu
  aarch64-linux-musl
  arm-linux
  arm-linux-gnu
  arm-linux-musl
  arm64-darwin
  x86_64-darwin
  x86_64-linux-gnu
  x86_64-linux-musl

DEPENDENCIES
  amazing_print (~> 1.7)
  caliber (~> 0.74)
  capybara (~> 3.40)
  capybara-validate_html5 (~> 2.1)
  cogger (~> 1.1)
  containable (~> 1.1)
  cuprite (~> 0.15)
  database_cleaner-sequel (~> 2.0)
  debug (~> 1.10)
  dotenv (~> 3.1)
  dry-monads (~> 1.8)
  dry-schema (~> 1.13)
  dry-types (~> 1.7)
  dry-validation (~> 1.10)
  ferrum (~> 0.15)
  git-lint (~> 9.0)
  hanami (~> 2.2.0)
  hanami-assets (~> 2.2.0)
  hanami-controller (~> 2.2.0)
  hanami-db (~> 2.2.0)
  hanami-router (~> 2.2.0)
  hanami-validations (~> 2.2.0)
  hanami-view (~> 2.2.0)
  hanami-webconsole (~> 2.2.0)
  htmx (~> 2.1)
  http (~> 5.2)
  http-fake (~> 4.1)
  infusible (~> 4.2)
  initable (~> 0.3)
  inspectable (~> 0.3)
  irb-kit (~> 1.1)
  launchy (~> 3.1)
  localhost (~> 1.3)
  mini_magick (~> 5.2)
  overmind (~> 2.5)
  petail (~> 0.3)
  pg (~> 1.5)
  pipeable (~> 1.2)
  puma (~> 6.6)
  rack-attack (~> 6.7)
  rack-test (~> 2.2)
  rake (~> 13.2)
  reek (~> 6.5)
  refinements (~> 13.0)
  repl_type_completor (~> 0.1)
  rerun (~> 0.14)
  rom (~> 5.4)
  rom-factory (~> 0.13)
  rom-sql (~> 3.7)
  rspec (~> 3.13)
  rubocop-sequel (~> 0.3)
  sanitize (~> 7.0)
  sequel (~> 5.89)
  simplecov (~> 0.22)
  trmnl-api (~> 0.2)
  versionaire (~> 14.1)

RUBY VERSION
   ruby 3.4.4p34

BUNDLED WITH
   2.6.9
